PATH
  remote: .
  specs:
    textile2pdf (0.1.0)
      RedCloth
      optiflag
      pdfkit
      wkhtmltopdf-binary

GEM
  remote: http://rubygems.org/
  specs:
    RedCloth (4.2.7)
    diff-lcs (1.1.2)
    optiflag (0.7)
    pdfkit (0.5.0)
    rspec (2.4.0)
      rspec-core (~> 2.4.0)
      rspec-expectations (~> 2.4.0)
      rspec-mocks (~> 2.4.0)
    rspec-core (2.4.0)
    rspec-expectations (2.4.0)
      diff-lcs (~> 1.1.2)
    rspec-mocks (2.4.0)
    wkhtmltopdf-binary (0.9.5.1)

PLATFORMS
  ruby

DEPENDENCIES
  rspec
  textile2pdf!
